PATH
  remote: .
  specs:
    monster_engine (0.1.0)

GEM
  remote: https://rubygems.org/
  specs:
    plamo (0.4.0)
    rake (13.0.1)
    rake-compiler (1.1.0)
      rake

PLATFORMS
  ruby

DEPENDENCIES
  bundler (~> 2.0)
  monster_engine!
  plamo (~> 0.4.0)
  rake (~> 13.0)
  rake-compiler

BUNDLED WITH
   2.1.4
