PATH
  remote: .
  specs:
    monster_engine (0.1.0)

GEM
  remote: https://rubygems.org/
  specs:
    rake (10.5.0)
    rake-compiler (1.0.7)
      rake

PLATFORMS
  ruby

DEPENDENCIES
  bundler (~> 2.0)
  monster_engine!
  rake (~> 10.0)
  rake-compiler

BUNDLED WITH
   2.0.1
